GEM
  remote: http://rubygems.org/
  specs:
    hotcocoa (0.5.1)

PLATFORMS
  ruby

DEPENDENCIES
  hotcocoa
